GEM
  remote: https://rubygems.org/
  specs:
    activesupport (6.1.2.1)
      concurrent-ruby (~> 1.0, >= 1.0.2)
      i18n (>= 1.6, < 2)
      minitest (>= 5.1)
      tzinfo (~> 2.0)
      zeitwerk (~> 2.3)
    addressable (2.7.0)
      public_suffix (>= 2.0.2, < 5.0)
    ast (2.4.2)
    capybara (3.35.3)
      addressable
      mini_mime (>= 0.1.3)
      nokogiri (~> 1.8)
      rack (>= 1.6.0)
      rack-test (>= 0.6.3)
      regexp_parser (>= 1.5, < 3.0)
      xpath (~> 3.2)
    capybara-screenshot (1.0.25)
      capybara (>= 1.0, < 4)
      launchy
    childprocess (3.0.0)
    concurrent-ruby (1.1.8)
    diff-lcs (1.4.4)
    docker-api (2.0.0)
      excon (>= 0.47.0)
      multi_json
    domain_name (0.5.20190701)
      unf (>= 0.0.5, < 1.0.0)
    dotenv (2.7.6)
    excon (0.79.0)
    faraday (1.3.0)
      faraday-net_http (~> 1.0)
      multipart-post (>= 1.2, < 3)
      ruby2_keywords
    faraday-net_http (1.0.1)
    hamster (3.0.0)
      concurrent-ruby (~> 1.0)
    http-cookie (1.0.3)
      domain_name (~> 0.5)
    httparty (0.18.1)
      mime-types (~> 3.0)
      multi_xml (>= 0.5.2)
    i18n (1.8.9)
      concurrent-ruby (~> 1.0)
    launchy (2.5.0)
      addressable (~> 2.7)
    link_header (0.0.8)
    mail (2.7.1)
      mini_mime (>= 0.1.1)
    mailcatcher-api (0.2.0)
      mail
    mime-types (3.3.1)
      mime-types-data (~> 3.2015)
    mime-types-data (3.2021.0212)
    mini_mime (1.0.2)
    mini_portile2 (2.5.0)
    minitest (5.14.3)
    multi_json (1.15.0)
    multi_xml (0.6.0)
    multipart-post (2.1.1)
    nokogiri (1.11.1)
      mini_portile2 (~> 2.5.0)
      racc (~> 1.4)
    oj (3.11.2)
    parallel (1.20.1)
    parser (3.0.0.0)
      ast (~> 2.4.1)
    public_suffix (4.0.6)
    racc (1.5.2)
    rack (2.2.3)
    rack-test (1.1.0)
      rack (>= 1.0, < 3)
    rainbow (3.0.0)
    rake (13.0.3)
    rdf (3.1.10)
      hamster (~> 3.0)
      link_header (~> 0.0, >= 0.0.8)
    rdf-vocab (3.1.10)
      rdf (~> 3.1, >= 3.1.8)
    regexp_parser (2.0.3)
    rexml (3.2.4)
    rspec (3.10.0)
      rspec-core (~> 3.10.0)
      rspec-expectations (~> 3.10.0)
      rspec-mocks (~> 3.10.0)
    rspec-core (3.10.1)
      rspec-support (~> 3.10.0)
    rspec-expectations (3.10.1)
      diff-lcs (>= 1.2.0, < 2.0)
      rspec-support (~> 3.10.0)
    rspec-instafail (1.0.0)
      rspec
    rspec-mocks (3.10.2)
      diff-lcs (>= 1.2.0, < 2.0)
      rspec-support (~> 3.10.0)
    rspec-support (3.10.2)
    rspec-wait (0.0.9)
      rspec (>= 3, < 4)
    rspec_junit_formatter (0.4.1)
      rspec-core (>= 2, < 4, != 2.12.0)
    rubocop (1.10.0)
      parallel (~> 1.10)
      parser (>= 3.0.0.0)
      rainbow (>= 2.2.2, < 4.0)
      regexp_parser (>= 1.8, < 3.0)
      rexml
      rubocop-ast (>= 1.2.0, < 2.0)
      ruby-progressbar (~> 1.7)
      unicode-display_width (>= 1.4.0, < 3.0)
    rubocop-ast (1.4.1)
      parser (>= 2.7.1.5)
    ruby-progressbar (1.11.0)
    ruby2_keywords (0.0.4)
    rubyzip (2.3.0)
    selenium-webdriver (3.142.7)
      childprocess (>= 0.5, < 4.0)
      rubyzip (>= 1.2.2)
    tzinfo (2.0.4)
      concurrent-ruby (~> 1.0)
    unf (0.1.4)
      unf_ext
    unf_ext (0.0.7.7)
    unicode-display_width (2.0.0)
    webdrivers (4.5.0)
      nokogiri (~> 1.6)
      rubyzip (>= 1.3.0)
      selenium-webdriver (>= 3.0, < 4.0)
    xpath (3.2.0)
      nokogiri (~> 1.8)
    zeitwerk (2.4.2)

PLATFORMS
  ruby

DEPENDENCIES
  activesupport
  capybara
  capybara-screenshot
  docker-api
  dotenv
  faraday
  http-cookie
  httparty
  mailcatcher-api
  oj
  rake
  rdf
  rdf-vocab
  rspec
  rspec-instafail
  rspec-wait
  rspec_junit_formatter
  rubocop
  selenium-webdriver
  webdrivers

BUNDLED WITH
   2.1.4
